GEM
  remote: https://rubygems.org/
  specs:
    curb (0.8.3)
    faraday (0.8.7)
      multipart-post (~> 1.1)
    faraday_middleware (0.9.0)
      faraday (>= 0.7.4, < 0.9)
    hashie (2.0.4)
    inflection (1.0.0)
    json (1.7.7)
    mime-types (1.23)
    multipart-post (1.2.0)
    rack (1.5.2)
    sass (3.2.8)
    sinatra (1.1.0)
      rack (~> 1.1)
      tilt (~> 1.1)
    tilt (1.3.7)
    zendesk_api (0.3.5)
      faraday (>= 0.8.0)
      faraday_middleware (>= 0.8.7)
      hashie (>= 1.2)
      inflection
      json
      mime-types
      multipart-post

PLATFORMS
  ruby

DEPENDENCIES
  curb
  json
  rack
  sass
  sinatra
  zendesk_api
